PATH
  remote: .
  specs:
    simplerrd (0.11.2)

GEM
  remote: http://rubygems.org/
  specs:
    rake (13.0.1)
    rspec (1.3.0)

PLATFORMS
  ruby

DEPENDENCIES
  rake (= 13.0.1)
  rspec (= 1.3.0)
  simplerrd!
